PATH
  remote: .
  specs:
    has_translations (1.1.2)
      activerecord (>= 3.2.0)
      activesupport (>= 3.2.0)

GEM
  remote: https://rubygems.org/
  specs:
    activemodel (6.0.3.1)
      activesupport (= 6.0.3.1)
    activerecord (6.0.3.1)
      activemodel (= 6.0.3.1)
      activesupport (= 6.0.3.1)
    activesupport (6.0.3.1)
      concurrent-ruby (~> 1.0, >= 1.0.2)
      i18n (>= 0.7, < 2)
      minitest (~> 5.1)
      tzinfo (~> 1.1)
      zeitwerk (~> 2.2, >= 2.2.2)
    appraisal (2.1.0)
      bundler
      rake
      thor (>= 0.14.0)
    concurrent-ruby (1.1.6)
    i18n (1.8.2)
      concurrent-ruby (~> 1.0)
    minitest (5.14.1)
    power_assert (0.2.5)
    rake (10.4.2)
    sqlite3 (1.3.11)
    test-unit (3.1.5)
      power_assert
    thor (0.19.1)
    thread_safe (0.3.6)
    tzinfo (1.2.7)
      thread_safe (~> 0.1)
    zeitwerk (2.3.0)

PLATFORMS
  ruby

DEPENDENCIES
  appraisal
  has_translations!
  rake
  sqlite3
  test-unit

BUNDLED WITH
   1.12.5
